GEM
  remote: http://rubygems.org/
  specs:
    backports (3.11.1)
    haml (5.1.2)
      temple (>= 0.8.0)
      tilt
    multi_json (1.13.1)
    mustermann (1.0.2)
    rack (2.0.7)
    rack-protection (2.0.1)
      rack
    sinatra (2.0.1)
      mustermann (~> 1.0)
      rack (~> 2.0)
      rack-protection (= 2.0.1)
      tilt (~> 2.0)
    sinatra-contrib (2.0.1)
      backports (>= 2.0)
      multi_json
      mustermann (~> 1.0)
      rack-protection (= 2.0.1)
      sinatra (= 2.0.1)
      tilt (>= 1.3, < 3)
    sinatra-reloader (1.0)
      sinatra-contrib
    temple (0.8.2)
    tilt (2.0.8)

PLATFORMS
  ruby

DEPENDENCIES
  haml (= 5.1.2)
  sinatra (= 2.0.1)
  sinatra-reloader (= 1.0)

RUBY VERSION
   ruby 2.5.0p0

BUNDLED WITH
   1.16.1
